GEM
  remote: https://rubygems.org/
  specs:
    builder (3.2.2)
    hiredis (0.5.2)
    iniparse (1.3.2)
    mini_portile (0.5.3)
    msgpack (0.5.8)
    net-ssh (2.9.0)
    net-ssh-gateway (1.2.0)
      net-ssh (>= 2.6.5)
    nido (0.0.1)
    nokogiri (1.6.1)
      mini_portile (~> 0.5.0)
    ohm (2.0.0)
      msgpack
      nido
      redic
    ohm-contrib (2.0.0)
      ohm (~> 2.0.0)
    rack (1.5.2)
    rack-protection (1.5.3)
      rack
    rbvmomi (1.8.1)
      builder
      nokogiri (>= 1.4.1)
      trollop
    redic (1.1.1)
      hiredis
    sinatra (1.4.5)
      rack (~> 1.4)
      rack-protection (~> 1.4)
      tilt (~> 1.3, >= 1.3.4)
    tilt (1.4.1)
    trollop (2.0)
    yajl-ruby (1.2.0)

PLATFORMS
  ruby

DEPENDENCIES
  iniparse
  net-ssh
  net-ssh-gateway
  ohm
  ohm-contrib
  rbvmomi
  sinatra
  yajl-ruby
